GEM
  remote: https://rubygems.org/
  specs:
    awesome_print (1.7.0)
    rack (2.0.1)

PLATFORMS
  ruby

DEPENDENCIES
  awesome_print
  rack (~> 2.0)

BUNDLED WITH
   1.13.6
